GEM
  remote: https://rubygems.org/
  specs:
    av_capture (1.0.1)
    byebug (3.2.0)
      columnize (~> 0.8)
      debugger-linecache (~> 1.2)
    columnize (0.8.9)
    debugger-linecache (1.2.0)
    ffi (1.9.3)
    hooks (0.4.0)
      uber (~> 0.0.4)
    imgkit (1.4.1)
    phashion (1.1.1)

PLATFORMS
  ruby

DEPENDENCIES
  av_capture
  byebug
  imgkit
  phashion
  rmagick
  ropencv
