GEM
  remote: https://rubygems.org/
  specs:
    av_capture (1.0.1)

PLATFORMS
  ruby

DEPENDENCIES
  av_capture
